PATH
  remote: .
  specs:
    wriggle (1.3.0)

GEM
  remote: http://rubygems.org/
  specs:
    diff-lcs (1.1.2)
    rspec (2.5.0)
      rspec-core (~> 2.5.0)
      rspec-expectations (~> 2.5.0)
      rspec-mocks (~> 2.5.0)
    rspec-core (2.5.1)
    rspec-expectations (2.5.0)
      diff-lcs (~> 1.1.2)
    rspec-mocks (2.5.0)
    yard (0.6.3)

PLATFORMS
  ruby

DEPENDENCIES
  rspec (~> 2.5)
  wriggle!
  yard (~> 0.6)
